PATH
  remote: .
  specs:
    cccd-cli (0.1.0)
      hanami-cli (= 0.1.0.beta3)

GEM
  remote: https://rubygems.org/
  specs:
    coderay (1.1.2)
    concurrent-ruby (1.1.4)
    hanami-cli (0.1.0.beta3)
      concurrent-ruby (~> 1.0)
      hanami-utils (= 1.1.0.beta3)
    hanami-utils (1.1.0.beta3)
      concurrent-ruby (~> 1.0)
      transproc (~> 1.0)
    method_source (0.9.2)
    pry (0.12.2)
      coderay (~> 1.1.0)
      method_source (~> 0.9.0)
    rake (10.5.0)
    transproc (1.0.2)

PLATFORMS
  ruby

DEPENDENCIES
  bundler (~> 2.0)
  cccd-cli!
  pry
  rake (~> 10.0)

BUNDLED WITH
   2.0.1
